GEM
  remote: https://rubygems.org/
  specs:
    addressable (2.8.7)
      public_suffix (>= 2.0.2, < 7.0)
    bigdecimal (3.1.9)
    csv (3.3.4)
    json-schema (5.1.1)
      addressable (~> 2.8)
      bigdecimal (~> 3.1)
    model-context-protocol-rb (0.3.2)
      addressable (~> 2.8)
      json-schema (~> 5.1)
    public_suffix (6.0.2)

PLATFORMS
  arm64-darwin-24
  ruby

DEPENDENCIES
  csv
  model-context-protocol-rb

BUNDLED WITH
   2.6.2
